GEM
  remote: http://rubygems.org/
  specs:
    getopt (1.4.1)
    json (1.6.0)
    prowl (0.1.3)

PLATFORMS
  ruby

DEPENDENCIES
  getopt
  json
  prowl
